GEM
  remote: http://ruby.taobao.org/
  remote: http://rubygems.org/
  remote: http://gems.github.com/
  specs:
    activesupport (3.2.8)
      i18n (~> 0.6)
      multi_json (~> 1.0)
    cli-colorize (2.0.0)
    diff-lcs (1.1.3)
    fakeweb (1.3.0)
    git (1.2.5)
    grit (2.5.0)
      diff-lcs (~> 1.1)
      mime-types (~> 1.15)
      posix-spawn (~> 0.3.6)
    hirb (0.7.0)
    i18n (0.6.1)
    jeweler (1.8.4)
      bundler (~> 1.0)
      git (>= 1.2.5)
      rake
      rdoc
    json (1.7.5)
    macaddr (1.6.1)
      systemu (~> 2.5.0)
    mime-types (1.19)
    multi_json (1.3.6)
    plist (3.1.0)
    posix-spawn (0.3.6)
    rake (0.9.2.2)
    rdoc (3.12)
      json (~> 1.4)
    shoulda (3.1.1)
      shoulda-context (~> 1.0)
      shoulda-matchers (~> 1.2)
    shoulda-context (1.0.0)
    shoulda-matchers (1.3.0)
      activesupport (>= 3.0.0)
    systemu (2.5.2)
    thor (0.16.0)
    uuid (2.3.5)
      macaddr (~> 1.0)
    yajl-ruby (1.1.0)

PLATFORMS
  ruby

DEPENDENCIES
  activesupport
  bundler (~> 1.2.0)
  cli-colorize
  fakeweb (>= 1.2.8)
  grit
  hirb
  i18n
  jeweler (~> 1.8.4)
  plist
  rdoc (~> 3.12)
  shoulda (>= 2.10.3)
  thor
  uuid (>= 2.3.1)
  yajl-ruby
